GIT
  remote: git://github.com/rails/rails.git
  revision: 0421fb7
  specs:
    actionmailer (3.0.0.beta4)
      actionpack (= 3.0.0.beta4)
      mail (~> 2.2.3)
    actionmailer (3.0.0.beta4)
      actionpack (= 3.0.0.beta4)
      mail (~> 2.2.3)
    actionpack (3.0.0.beta4)
      activemodel (= 3.0.0.beta4)
      activesupport (= 3.0.0.beta4)
      builder (~> 2.1.2)
      erubis (~> 2.6.5)
      i18n (~> 0.4.1)
      rack (~> 1.1.0)
      rack-mount (~> 0.6.4)
      rack-test (~> 0.5.4)
      tzinfo (~> 0.3.16)
    actionpack (3.0.0.beta4)
      activemodel (= 3.0.0.beta4)
      activesupport (= 3.0.0.beta4)
      builder (~> 2.1.2)
      erubis (~> 2.6.5)
      i18n (~> 0.4.1)
      rack (~> 1.1.0)
      rack-mount (~> 0.6.4)
      rack-test (~> 0.5.4)
      tzinfo (~> 0.3.16)
    activemodel (3.0.0.beta4)
      activesupport (= 3.0.0.beta4)
      builder (~> 2.1.2)
      i18n (~> 0.4.1)
    activemodel (3.0.0.beta4)
      activesupport (= 3.0.0.beta4)
      builder (~> 2.1.2)
      i18n (~> 0.4.1)
    activerecord (3.0.0.beta4)
      activemodel (= 3.0.0.beta4)
      activesupport (= 3.0.0.beta4)
      arel (~> 0.4.0)
      tzinfo (~> 0.3.16)
    activerecord (3.0.0.beta4)
      activemodel (= 3.0.0.beta4)
      activesupport (= 3.0.0.beta4)
      arel (~> 0.4.0)
      tzinfo (~> 0.3.16)
    activeresource (3.0.0.beta4)
      activemodel (= 3.0.0.beta4)
      activesupport (= 3.0.0.beta4)
    activeresource (3.0.0.beta4)
      activemodel (= 3.0.0.beta4)
      activesupport (= 3.0.0.beta4)
    activesupport (3.0.0.beta4)
    activesupport (3.0.0.beta4)
    rails (3.0.0.beta4)
      actionmailer (= 3.0.0.beta4)
      actionpack (= 3.0.0.beta4)
      activerecord (= 3.0.0.beta4)
      activeresource (= 3.0.0.beta4)
      activesupport (= 3.0.0.beta4)
      bundler (>= 0.9.26)
      railties (= 3.0.0.beta4)
    rails (3.0.0.beta4)
      actionmailer (= 3.0.0.beta4)
      actionpack (= 3.0.0.beta4)
      activerecord (= 3.0.0.beta4)
      activeresource (= 3.0.0.beta4)
      activesupport (= 3.0.0.beta4)
      bundler (>= 0.9.26)
      railties (= 3.0.0.beta4)
    railties (3.0.0.beta4)
      actionpack (= 3.0.0.beta4)
      activesupport (= 3.0.0.beta4)
      rake (>= 0.8.3)
      thor (~> 0.13.6)
    railties (3.0.0.beta4)
      actionpack (= 3.0.0.beta4)
      activesupport (= 3.0.0.beta4)
      rake (>= 0.8.3)
      thor (~> 0.13.6)

GEM
  remote: http://rubygems.org/
  specs:
    abstract (1.0.0)
    abstract (1.0.0)
    activerecord-oracle_enhanced-adapter (1.3.0)
    activerecord-oracle_enhanced-adapter (1.3.0)
    arel (0.4.0)
      activesupport (>= 3.0.0.beta)
    arel (0.4.0)
      activesupport (>= 3.0.0.beta)
    authlogic (2.1.5)
      activesupport
    authlogic (2.1.5)
      activesupport
    builder (2.1.2)
    builder (2.1.2)
    erubis (2.6.5)
      abstract (>= 1.0.0)
    erubis (2.6.5)
      abstract (>= 1.0.0)
    i18n (0.4.1)
    i18n (0.4.1)
    jrails (0.6.0)
    jrails (0.6.0)
    mail (2.2.5)
      activesupport (>= 2.3.6)
      mime-types
      treetop (>= 1.4.5)
    mail (2.2.5)
      activesupport (>= 2.3.6)
      mime-types
      treetop (>= 1.4.5)
    mime-types (1.16)
    mime-types (1.16)
    pdfkit (0.3.3)
    pdfkit (0.3.3)
    polyglot (0.3.1)
    polyglot (0.3.1)
    rack (1.1.0)
    rack (1.1.0)
    rack-mount (0.6.4)
    rack-mount (0.6.4)
    rack-test (0.5.4)
      rack (>= 1.0)
    rack-test (0.5.4)
      rack (>= 1.0)
    rake (0.8.7)
    rake (0.8.7)
    rspec (1.3.0)
    rspec (1.3.0)
    ruby-oci8 (2.0.4)
    ruby-oci8 (2.0.4)
    ruby-plsql (0.4.3)
    ruby-plsql (0.4.3)
    thor (0.13.6)
    thor (0.13.6)
    treetop (1.4.8)
      polyglot (>= 0.3.1)
    treetop (1.4.8)
      polyglot (>= 0.3.1)
    tzinfo (0.3.22)
    tzinfo (0.3.22)

PLATFORMS
  ruby

DEPENDENCIES
  activerecord-oracle_enhanced-adapter
  authlogic
  i18n
  jrails
  pdfkit
  rails!
  rspec
  ruby-oci8 (>= 2.0.4)
  ruby-plsql (>= 0.4.3)
